GEM
  remote: https://rubygems.org/
  specs:
    ast (2.3.0)
    aws-sdk-core (2.3.22)
      jmespath (~> 1.0)
    denv (0.2.5)
    escape_utils (1.2.1)
    faml (0.8.1)
      escape_utils
      haml_parser (>= 0.4.0)
      parser
      temple (>= 0.7.0)
      tilt
    haml_parser (0.4.1)
    jmespath (1.3.0)
    parser (2.3.1.2)
      ast (~> 2.2)
    temple (0.7.7)
    tilt (2.0.5)

PLATFORMS
  ruby

DEPENDENCIES
  aws-sdk-core
  denv
  faml

BUNDLED WITH
   1.12.5
