GEM
  remote: https://rubygems.org/
  specs:
    ast (2.2.0)
    aws-sdk-core (2.2.25)
      jmespath (~> 1.0)
    denv (0.2.3)
    escape_utils (1.2.0)
    faml (0.8.1)
      escape_utils
      haml_parser (>= 0.4.0)
      parser
      temple (>= 0.7.0)
      tilt
    haml_parser (0.4.0)
    jmespath (1.1.3)
    parser (2.3.0.6)
      ast (~> 2.2)
    temple (0.7.6)
    tilt (2.0.2)

PLATFORMS
  ruby

DEPENDENCIES
  aws-sdk-core
  denv
  faml

BUNDLED WITH
   1.11.2
