GEM
  remote: https://rubygems.org/
  specs:
    ast (2.1.0)
    aws-sdk-core (2.0.28)
      builder (~> 3.0)
      jmespath (~> 1.0)
      multi_json (~> 1.0)
      multi_xml (~> 0.5)
    builder (3.2.2)
    dotenv (1.0.2)
    escape_utils (1.1.0)
    faml (0.3.1)
      escape_utils
      haml_parser (>= 0.1.0)
      parser
      temple (>= 0.7.0)
      tilt
    haml_parser (0.1.0)
    jmespath (1.0.2)
      multi_json (~> 1.0)
    multi_json (1.10.1)
    multi_xml (0.5.5)
    parser (2.2.2.6)
      ast (>= 1.1, < 3.0)
    temple (0.7.6)
    tilt (2.0.1)

PLATFORMS
  ruby

DEPENDENCIES
  aws-sdk-core
  dotenv
  faml

BUNDLED WITH
   1.10.6
